GEM
  remote: https://rubygems.org/
  specs:
    activesupport (6.0.1)
      concurrent-ruby (~> 1.0, >= 1.0.2)
      i18n (>= 0.7, < 2)
      minitest (~> 5.1)
      tzinfo (~> 1.1)
      zeitwerk (~> 2.2)
    builder (3.1.4)
    concurrent-ruby (1.1.5)
    daemons (1.2.3)
    dotenv (2.1.0)
    eventmachine (1.0.9.1)
    i18n (1.7.0)
      concurrent-ruby (~> 1.0)
    jwt (1.5.1)
    kgio (2.10.0)
    minitest (5.13.0)
    multi_json (1.11.2)
    rack (1.6.4)
    rack-protection (1.5.3)
      rack
    raindrops (0.15.0)
    rake (10.5.0)
    sinatra (1.4.7)
      rack (~> 1.5)
      rack-protection (~> 1.4)
      tilt (>= 1.3, < 3)
    thin (1.6.4)
      daemons (~> 1.0, >= 1.0.9)
      eventmachine (~> 1.0, >= 1.0.4)
      rack (~> 1.0)
    thread_safe (0.3.6)
    tilt (2.0.2)
    twilio-ruby (3.6.0)
      builder (>= 2.1.2)
      jwt (>= 0.1.2)
      multi_json (>= 1.0.3)
    tzinfo (1.2.5)
      thread_safe (~> 0.1)
    unicorn (5.0.1)
      kgio (~> 2.6)
      rack
      raindrops (~> 0.7)
    zeitwerk (2.2.1)

PLATFORMS
  ruby

DEPENDENCIES
  activesupport (~> 6.0, >= 6.0.1)
  dotenv
  rake
  sinatra
  thin
  twilio-ruby
  unicorn

RUBY VERSION
   ruby 2.5.3p105

BUNDLED WITH
   1.17.2
