GEM
  remote: https://rubygems.org/
  specs:
    builder (3.1.4)
    concurrent-ruby (1.1.6)
    daemons (1.3.1)
    dotenv (2.1.0)
    eventmachine (1.2.7)
    jwt (1.5.1)
    kgio (2.10.0)
    multi_json (1.11.2)
    mustermann (1.1.1)
      ruby2_keywords (~> 0.0.1)
    rack (2.2.3)
    rack-protection (2.1.0)
      rack
    raindrops (0.15.0)
    rake (12.3.3)
    ruby2_keywords (0.0.2)
    sinatra (2.1.0)
      mustermann (~> 1.0)
      rack (~> 2.2)
      rack-protection (= 2.1.0)
      tilt (~> 2.0)
    thin (1.7.2)
      daemons (~> 1.0, >= 1.0.9)
      eventmachine (~> 1.0, >= 1.0.4)
      rack (>= 1, < 3)
    tilt (2.0.10)
    twilio-ruby (3.6.0)
      builder (>= 2.1.2)
      jwt (>= 0.1.2)
      multi_json (>= 1.0.3)
    tzinfo (2.0.1)
      concurrent-ruby (~> 1.0)
    unicorn (5.0.1)
      kgio (~> 2.6)
      rack
      raindrops (~> 0.7)

PLATFORMS
  ruby

DEPENDENCIES
  dotenv
  rake
  sinatra
  thin
  twilio-ruby
  tzinfo
  unicorn

RUBY VERSION
   ruby 2.7.1p83

BUNDLED WITH
   2.1.4
