GEM
  remote: https://rubygems.org/
  specs:
    builder (3.1.4)
    daemons (1.2.3)
    dotenv (2.1.0)
    eventmachine (1.0.9.1)
    jwt (1.5.1)
    kgio (2.10.0)
    multi_json (1.11.2)
    rack (1.6.13)
    rack-protection (1.5.5)
      rack
    raindrops (0.15.0)
    rake (10.5.0)
    sinatra (1.4.7)
      rack (~> 1.5)
      rack-protection (~> 1.4)
      tilt (>= 1.3, < 3)
    thin (1.6.4)
      daemons (~> 1.0, >= 1.0.9)
      eventmachine (~> 1.0, >= 1.0.4)
      rack (~> 1.0)
    tilt (2.0.2)
    twilio-ruby (3.6.0)
      builder (>= 2.1.2)
      jwt (>= 0.1.2)
      multi_json (>= 1.0.3)
    unicorn (5.0.1)
      kgio (~> 2.6)
      rack
      raindrops (~> 0.7)

PLATFORMS
  ruby

DEPENDENCIES
  dotenv
  rake
  sinatra
  thin
  twilio-ruby
  unicorn

RUBY VERSION
   ruby 2.5.3p105

BUNDLED WITH
   1.17.2
